GIT
  remote: https://github.com/dchbx/acapi.git
  revision: 78549ede5f713283315a6eb0aead5b6f7a17ce90
  branch: 1.3.2
  specs:
    acapi (1.3.2)
      activesupport (> 4.2.0)
      bunny (~> 1.7.0)
      sneakers

GIT
  remote: https://github.com/dchbx/openhbx_cv2.git
  revision: 72cc8143fd147acfb0c462c49bd82e7b60c57807
  branch: master
  specs:
    openhbx_cv2 (0.0.1)
      activesupport (>= 3.2)
      nokogiri-happymapper (~> 0.5)

GIT
  remote: https://github.com/prawnpdf/prawn.git
  revision: 8028ca0cd2aae8c72df9fc4bf16388948423bcb2
  ref: 8028ca0cd2
  specs:
    prawn (1.0.0.rc2)
      afm
      pdf-reader (~> 1.2)
      ruby-rc4
      ttfunk (~> 1.0.3)

GIT
  remote: https://github.com/stympy/faker.git
  revision: 59a92644d5583828add1c68351074f6e52c6deb6
  branch: master
  specs:
    faker (1.9.3)
      i18n (>= 0.7)
      pastel (~> 0.7.2)
      thor (~> 0.20.0)
      tty-pager (~> 0.12.0)
      tty-screen (~> 0.6.5)
      tty-tree (~> 0.2.0)

PATH
  remote: components
  specs:
    ui_helpers (0.0.1)
      rails (~> 4.2.3)

PATH
  remote: project_gems/effective_datatables-2.6.14
  specs:
    effective_datatables (2.6.14)
      coffee-rails
      haml-rails
      kaminari
      rails (>= 3.2.0)
      sass-rails
      simple_form

GEM
  remote: https://rubygems.org/
  specs:
    Ascii85 (1.0.2)
    aasm (4.8.0)
    action_mailer_cache_delivery (0.3.7)
      actionmailer (>= 3.0)
    actionmailer (4.2.7.1)
      actionpack (= 4.2.7.1)
      actionview (= 4.2.7.1)
      activejob (= 4.2.7.1)
      mail (~> 2.5, >= 2.5.4)
      rails-dom-testing (~> 1.0, >= 1.0.5)
    actionpack (4.2.7.1)
      actionview (= 4.2.7.1)
      activesupport (= 4.2.7.1)
      rack (~> 1.6)
      rack-test (~> 0.6.2)
      rails-dom-testing (~> 1.0, >= 1.0.5)
      rails-html-sanitizer (~> 1.0, >= 1.0.2)
    actionview (4.2.7.1)
      activesupport (= 4.2.7.1)
      builder (~> 3.1)
      erubis (~> 2.7.0)
      rails-dom-testing (~> 1.0, >= 1.0.5)
      rails-html-sanitizer (~> 1.0, >= 1.0.2)
    activejob (4.2.7.1)
      activesupport (= 4.2.7.1)
      globalid (>= 0.3.0)
    activemodel (4.2.7.1)
      activesupport (= 4.2.7.1)
      builder (~> 3.1)
    activerecord (4.2.7.1)
      activemodel (= 4.2.7.1)
      activesupport (= 4.2.7.1)
      arel (~> 6.0)
    activesupport (4.2.7.1)
      i18n (~> 0.7)
      json (~> 1.7, >= 1.7.7)
      minitest (~> 5.1)
      thread_safe (~> 0.3, >= 0.3.4)
      tzinfo (~> 1.1)
    addressable (2.3.8)
    afm (0.2.2)
    amq-protocol (1.9.2)
    animate-rails (1.0.10)
      rails
    arel (6.0.4)
    ast (2.4.0)
    aws-sdk (2.2.4)
      aws-sdk-resources (= 2.2.4)
    aws-sdk-core (2.2.4)
      jmespath (~> 1.0)
    aws-sdk-resources (2.2.4)
      aws-sdk-core (= 2.2.4)
    axiom-types (0.1.1)
      descendants_tracker (~> 0.0.4)
      ice_nine (~> 0.11.0)
      thread_safe (~> 0.3, >= 0.3.1)
    bcrypt (3.1.11)
    binding_of_caller (0.7.3)
      debug_inspector (>= 0.0.1)
    bootstrap-multiselect-rails (0.9.9)
      rails (>= 4.0.0)
    bootstrap-slider-rails (6.0.17)
      railties (>= 3.2, < 5.0)
    bson (3.2.6)
    builder (3.2.3)
    bunny (1.7.1)
      amq-protocol (~> 1.9.2)
    capistrano (3.3.5)
      capistrano-stats (~> 1.1.0)
      i18n
      rake (>= 10.0.0)
      sshkit (~> 1.3)
    capistrano-bundler (1.3.0)
      capistrano (~> 3.1)
      sshkit (~> 1.2)
    capistrano-rails (1.1.6)
      capistrano (~> 3.1)
      capistrano-bundler (~> 1.1)
    capistrano-stats (1.1.1)
    capybara (2.6.2)
      addressable
      mime-types (>= 1.16)
      nokogiri (>= 1.3.3)
      rack (>= 1.0.0)
      rack-test (>= 0.5.4)
      xpath (~> 2.0)
    capybara-screenshot (1.0.18)
      capybara (>= 1.0, < 3)
      launchy
    carrierwave (1.2.1)
      activemodel (>= 4.0.0)
      activesupport (>= 4.0.0)
      mime-types (>= 1.16)
    carrierwave-mongoid (1.0.0)
      carrierwave (>= 0.8, < 1.3)
      mongoid (>= 3.0, < 7.0)
      mongoid-grid_fs (>= 1.3, < 3.0)
    celluloid (0.17.3)
      celluloid-essentials
      celluloid-extras
      celluloid-fsm
      celluloid-pool
      celluloid-supervision
      timers (>= 4.1.1)
    celluloid-essentials (0.20.5)
      timers (>= 4.1.1)
    celluloid-extras (0.20.5)
      timers (>= 4.1.1)
    celluloid-fsm (0.20.5)
      timers (>= 4.1.1)
    celluloid-io (0.17.3)
      celluloid (>= 0.17.2)
      nio4r (>= 1.1)
      timers (>= 4.1.1)
    celluloid-pool (0.20.5)
      timers (>= 4.1.1)
    celluloid-supervision (0.20.6)
      timers (>= 4.1.1)
    childprocess (0.8.0)
      ffi (~> 1.0, >= 1.0.11)
    cliver (0.3.2)
    coderay (1.1.2)
    coercible (1.0.0)
      descendants_tracker (~> 0.0.1)
    coffee-rails (4.1.1)
      coffee-script (>= 2.2.0)
      railties (>= 4.0.0, < 5.1.x)
    coffee-script (2.4.1)
      coffee-script-source
      execjs
    coffee-script-source (1.12.2)
    combine_pdf (1.0.7)
      ruby-rc4 (>= 0.1.5)
    commonjs (0.2.7)
    config (1.0.0)
      activesupport (>= 3.0)
      deep_merge (~> 1.0.0)
    crass (1.0.3)
    cucumber (2.3.3)
      builder (>= 2.1.2)
      cucumber-core (~> 1.4.0)
      cucumber-wire (~> 0.0.1)
      diff-lcs (>= 1.1.3)
      gherkin (~> 3.2.0)
      multi_json (>= 1.7.5, < 2.0)
      multi_test (>= 0.1.2)
    cucumber-core (1.4.0)
      gherkin (~> 3.2.0)
    cucumber-rails (1.4.3)
      capybara (>= 1.1.2, < 3)
      cucumber (>= 1.3.8, < 3)
      mime-types (>= 1.16, < 4)
      nokogiri (~> 1.5)
      railties (>= 3, < 5)
    cucumber-wire (0.0.1)
    database_cleaner (1.5.3)
    debug_inspector (0.0.3)
    deep_merge (1.0.1)
    descendants_tracker (0.0.4)
      thread_safe (~> 0.3, >= 0.3.1)
    devise (3.4.1)
      bcrypt (~> 3.0)
      orm_adapter (~> 0.1)
      railties (>= 3.2.6, < 5)
      responders
      thread_safe (~> 0.1)
      warden (~> 1.2.3)
    diff-lcs (1.3)
    docile (1.1.5)
    easy_diff (1.0.0)
    email_spec (2.0.0)
      htmlentities (~> 4.3.3)
      launchy (~> 2.1)
      mail (~> 2.6.3)
    equalizer (0.0.11)
    equatable (0.5.0)
    erubis (2.7.0)
    execjs (2.7.0)
    eye (0.8)
      celluloid (~> 0.17.2)
      celluloid-io (~> 0.17.0)
      sigar (~> 0.7.3)
      state_machine
      thor
    factory_girl (4.5.0)
      activesupport (>= 3.0.0)
    factory_girl_rails (4.6.0)
      factory_girl (~> 4.5.0)
      railties (>= 3.0.0)
    fakeredis (0.6.0)
      redis (~> 3.2)
    ffi (1.9.18)
    font-awesome-rails (4.5.0.1)
      railties (>= 3.2, < 5.1)
    forgery (0.6.0)
    gherkin (3.2.0)
    globalid (0.4.1)
      activesupport (>= 4.2.0)
    haml (5.0.4)
      temple (>= 0.8.0)
      tilt
    haml-rails (1.0.0)
      actionpack (>= 4.0.1)
      activesupport (>= 4.0.1)
      haml (>= 4.0.6, < 6.0)
      html2haml (>= 1.0.1)
      railties (>= 4.0.1)
    hashery (2.1.2)
    hike (1.2.3)
    hitimes (1.2.6)
    html2haml (2.2.0)
      erubis (~> 2.7.0)
      haml (>= 4.0, < 6)
      nokogiri (>= 1.6.0)
      ruby_parser (~> 3.5)
    htmlentities (4.3.4)
    httparty (0.15.6)
      multi_xml (>= 0.5.2)
    i18n (0.7.0)
    ice_nine (0.11.2)
    iniparse (1.4.4)
    interactor (3.1.0)
    interactor-rails (2.0.2)
      interactor (~> 3.0)
      rails (>= 3, < 5.1)
    jbuilder (2.7.0)
      activesupport (>= 4.2.0)
      multi_json (>= 1.2)
    jmespath (1.3.1)
    jquery-datatables-rails (3.4.0)
      actionpack (>= 3.1)
      jquery-rails
      railties (>= 3.1)
      sass-rails
    jquery-rails (4.0.5)
      rails-dom-testing (~> 1.0)
      railties (>= 4.2.0)
      thor (>= 0.14, < 2.0)
    jquery-turbolinks (2.1.0)
      railties (>= 3.1.0)
      turbolinks
    jquery-ui-rails (6.0.1)
      railties (>= 3.2.16)
    json (1.8.6)
    kaminari (0.17.0)
      actionpack (>= 3.0.0)
      activesupport (>= 3.0.0)
    kgio (2.11.0)
    language_list (1.1.0)
    launchy (2.4.3)
      addressable (~> 2.3)
    less (2.6.0)
      commonjs (~> 0.2.7)
    less-rails (2.6.0)
      actionpack (>= 3.1)
      less (~> 2.6.0)
    less-rails-bootstrap (3.3.1.0)
      less-rails (~> 2.6.0)
    libv8 (3.16.14.19)
    loofah (2.1.1)
      crass (~> 1.0.2)
      nokogiri (>= 1.5.9)
    mail (2.6.3)
      mime-types (>= 1.16, < 3)
    maskedinput-rails (1.4.1.0)
    method_source (0.9.2)
    mime-types (2.99.3)
    mini_portile2 (2.0.0)
    minitest (5.10.3)
    monetize (1.1.0)
      money (~> 6.5.0)
    money (6.5.1)
      i18n (>= 0.6.4, <= 0.7.0)
    money-rails (1.3.0)
      activesupport (>= 3.0)
      monetize (~> 1.1.0)
      money (~> 6.5.0)
      railties (>= 3.0)
    mongo (2.1.2)
      bson (~> 3.0)
    mongo_session_store-rails4 (6.0.0)
      actionpack (>= 3.1)
    mongoid (5.0.1)
      activemodel (~> 4.0)
      mongo (~> 2.1)
      origin (~> 2.1)
      tzinfo (>= 0.3.37)
    mongoid-autoinc (5.0.2)
      mongoid (~> 5.0)
    mongoid-compatibility (0.5.1)
      activesupport
      mongoid (>= 2.0)
    mongoid-enum (0.4.0)
      mongoid (~> 5.0)
    mongoid-grid_fs (2.3.0)
      mime-types (>= 1.0, < 4.0)
      mongoid (>= 3.0, < 7.0)
    mongoid-history (0.7.0)
      activesupport
      easy_diff
      mongoid (>= 3.0)
      mongoid-compatibility
    mongoid-rspec (3.0.0)
      mongoid (~> 5.0)
      rake
      rspec (~> 3.3)
    mongoid-versioning (2.0.0)
      activesupport (~> 4.0)
      mongoid (>= 4.0.0, <= 6.0.0)
    mongoid_userstamp (0.4.0)
      mongoid (>= 3.0.4)
    mono_logger (1.1.0)
    multi_json (1.13.1)
    multi_test (0.1.2)
    multi_xml (0.6.0)
    net-scp (1.2.1)
      net-ssh (>= 2.6.5)
    net-ssh (4.2.0)
    newrelic_rpm (4.6.0.338)
    nio4r (2.1.0)
    nokogiri (1.6.7.2)
      mini_portile2 (~> 2.0.0.rc2)
    nokogiri-happymapper (0.6.0)
      nokogiri (~> 1.5)
    origin (2.3.1)
    orm_adapter (0.5.0)
    overcommit (0.46.0)
      childprocess (~> 0.6, >= 0.6.3)
      iniparse (~> 1.4)
    parallel (1.12.1)
    parallel_tests (2.21.3)
      parallel
    parser (2.6.0.0)
      ast (~> 2.4.0)
    pastel (0.7.2)
      equatable (~> 0.5.0)
      tty-color (~> 0.4.0)
    pdf-reader (1.4.1)
      Ascii85 (~> 1.0.0)
      afm (~> 0.2.1)
      hashery (~> 2.0)
      ruby-rc4
      ttfunk
    poltergeist (1.16.0)
      capybara (~> 2.1)
      cliver (~> 0.3.1)
      websocket-driver (>= 0.2.0)
    powerpack (0.1.2)
    pry (0.12.2)
      coderay (~> 1.1.0)
      method_source (~> 0.9.0)
    pundit (1.0.1)
      activesupport (>= 3.0.0)
    rack (1.6.9)
    rack-protection (1.5.5)
      rack
    rack-test (0.6.3)
      rack (>= 1.0)
    railroady (1.5.3)
    rails (4.2.7.1)
      actionmailer (= 4.2.7.1)
      actionpack (= 4.2.7.1)
      actionview (= 4.2.7.1)
      activejob (= 4.2.7.1)
      activemodel (= 4.2.7.1)
      activerecord (= 4.2.7.1)
      activesupport (= 4.2.7.1)
      bundler (>= 1.3.0, < 2.0)
      railties (= 4.2.7.1)
      sprockets-rails
    rails-deprecated_sanitizer (1.0.3)
      activesupport (>= 4.2.0.alpha)
    rails-dom-testing (1.0.8)
      activesupport (>= 4.2.0.beta, < 5.0)
      nokogiri (~> 1.6)
      rails-deprecated_sanitizer (>= 1.0.1)
    rails-html-sanitizer (1.0.4)
      loofah (~> 2.0)
    rails-i18n (4.0.8)
      i18n (~> 0.7)
      railties (~> 4.0)
    railties (4.2.7.1)
      actionpack (= 4.2.7.1)
      activesupport (= 4.2.7.1)
      rake (>= 0.8.7)
      thor (>= 0.18.1, < 2.0)
    rainbow (3.0.0)
    raindrops (0.19.0)
    rake (12.3.0)
    rb-fsevent (0.10.2)
    rb-inotify (0.9.10)
      ffi (>= 0.5.0, < 2)
    rdoc (4.3.0)
    recaptcha (1.1.0)
      json
    redis (3.3.5)
    redis-actionpack (5.0.2)
      actionpack (>= 4.0, < 6)
      redis-rack (>= 1, < 3)
      redis-store (>= 1.1.0, < 2)
    redis-activesupport (5.0.4)
      activesupport (>= 3, < 6)
      redis-store (>= 1.3, < 2)
    redis-namespace (1.6.0)
      redis (>= 3.0.4)
    redis-rack (2.0.3)
      rack (>= 1.5, < 3)
      redis-store (>= 1.2, < 2)
    redis-rails (5.0.2)
      redis-actionpack (>= 5.0, < 6)
      redis-activesupport (>= 5.0, < 6)
      redis-store (>= 1.2, < 2)
    redis-store (1.4.1)
      redis (>= 2.2, < 5)
    ref (2.0.0)
    responders (2.4.0)
      actionpack (>= 4.2.0, < 5.3)
      railties (>= 4.2.0, < 5.3)
    resque (1.27.4)
      mono_logger (~> 1.0)
      multi_json (~> 1.0)
      redis-namespace (~> 1.3)
      sinatra (>= 0.9.2)
      vegas (~> 0.1.2)
    roo (2.1.1)
      nokogiri (~> 1)
      rubyzip (~> 1.1, < 2.0.0)
    rspec (3.4.0)
      rspec-core (~> 3.4.0)
      rspec-expectations (~> 3.4.0)
      rspec-mocks (~> 3.4.0)
    rspec-core (3.4.4)
      rspec-support (~> 3.4.0)
    rspec-expectations (3.4.0)
      diff-lcs (>= 1.2.0, < 2.0)
      rspec-support (~> 3.4.0)
    rspec-mocks (3.4.1)
      diff-lcs (>= 1.2.0, < 2.0)
      rspec-support (~> 3.4.0)
    rspec-rails (3.4.2)
      actionpack (>= 3.0, < 4.3)
      activesupport (>= 3.0, < 4.3)
      railties (>= 3.0, < 4.3)
      rspec-core (~> 3.4.0)
      rspec-expectations (~> 3.4.0)
      rspec-mocks (~> 3.4.0)
      rspec-support (~> 3.4.0)
    rspec-support (3.4.1)
    rspec_junit_formatter (0.2.3)
      builder (< 4)
      rspec-core (>= 2, < 4, != 2.12.0)
    rubocop (0.54.0)
      parallel (~> 1.10)
      parser (>= 2.5)
      powerpack (~> 0.1)
      rainbow (>= 2.2.2, < 4.0)
      ruby-progressbar (~> 1.7)
      unicode-display_width (~> 1.0, >= 1.0.1)
    rubocop-git (0.1.3)
      rubocop (>= 0.24.1)
    ruby-progressbar (1.10.0)
    ruby-rc4 (0.1.5)
    ruby-saml (1.3.1)
      nokogiri (>= 1.5.10)
    ruby_parser (3.10.1)
      sexp_processor (~> 4.9)
    rubyzip (1.2.1)
    sass (3.5.3)
      sass-listen (~> 4.0.0)
    sass-listen (4.0.0)
      rb-fsevent (~> 0.9, >= 0.9.4)
      rb-inotify (~> 0.9, >= 0.9.7)
    sass-rails (5.0.7)
      railties (>= 4.0.0, < 6)
      sass (~> 3.1)
      sprockets (>= 2.8, < 4.0)
      sprockets-rails (>= 2.0, < 4.0)
      tilt (>= 1.1, < 3)
    sdoc (0.4.2)
      json (~> 1.7, >= 1.7.7)
      rdoc (~> 4.0)
    selenium-webdriver (3.8.0)
      childprocess (~> 0.5)
      rubyzip (~> 1.0)
    serverengine (1.5.11)
      sigdump (~> 0.2.2)
    sexp_processor (4.10.0)
    shoulda-matchers (3.1.1)
      activesupport (>= 4.0.0)
    sigar (0.7.3)
    sigdump (0.2.4)
    simple_form (3.5.0)
      actionpack (> 4, < 5.2)
      activemodel (> 4, < 5.2)
    simplecov (0.14.1)
      docile (~> 1.1.0)
      json (>= 1.8, < 3)
      simplecov-html (~> 0.10.0)
    simplecov-html (0.10.2)
    sinatra (1.4.8)
      rack (~> 1.5)
      rack-protection (~> 1.4)
      tilt (>= 1.3, < 3)
    slim (3.0.9)
      temple (>= 0.7.6, < 0.9)
      tilt (>= 1.3.3, < 2.1)
    slim-rails (3.1.3)
      actionpack (>= 3.1)
      railties (>= 3.1)
      slim (~> 3.0)
    sneakers (1.1.2)
      bunny (>= 1.7.0, <= 2.0.0)
      serverengine (~> 1.5.5)
      thor
      thread (~> 0.1.7)
    spring (1.6.3)
    sprockets (2.12.4)
      hike (~> 1.2)
      multi_json (~> 1.0)
      rack (~> 1.0)
      tilt (~> 1.1, != 1.3.0)
    sprockets-rails (2.3.3)
      actionpack (>= 3.0)
      activesupport (>= 3.0)
      sprockets (>= 2.8, < 4.0)
    sshkit (1.15.1)
      net-scp (>= 1.1.2)
      net-ssh (>= 2.8.0)
    state_machine (1.2.0)
    strings (0.1.4)
      strings-ansi (~> 0.1.0)
      unicode-display_width (~> 1.4.0)
      unicode_utils (~> 1.4.0)
    strings-ansi (0.1.0)
    symmetric-encryption (3.6.0)
      coercible (>= 1.0.0)
    temple (0.8.0)
    therubyracer (0.12.3)
      libv8 (~> 3.16.14.15)
      ref
    thor (0.20.0)
    thread (0.1.7)
    thread_safe (0.3.6)
    tilt (1.4.1)
    timers (4.1.2)
      hitimes
    ttfunk (1.0.3)
    tty-color (0.4.3)
    tty-pager (0.12.1)
      strings (~> 0.1.4)
      tty-screen (~> 0.6)
      tty-which (~> 0.4)
    tty-screen (0.6.5)
    tty-tree (0.2.0)
    tty-which (0.4.0)
    turbolinks (2.5.3)
      coffee-rails
    tzinfo (1.2.4)
      thread_safe (~> 0.1)
    uglifier (4.0.2)
      execjs (>= 0.3.0, < 3)
    unicode-display_width (1.4.1)
    unicode_utils (1.4.0)
    unicorn (4.8.3)
      kgio (~> 2.6)
      rack
      raindrops (~> 0.7)
    vegas (0.1.11)
      rack (>= 1.0.0)
    virtus (1.0.5)
      axiom-types (~> 0.1)
      coercible (~> 1.0)
      descendants_tracker (~> 0.0, >= 0.0.3)
      equalizer (~> 0.0, >= 0.0.9)
    warden (1.2.7)
      rack (>= 1.0)
    watir (6.10.0)
      selenium-webdriver (~> 3.4, >= 3.4.1)
    web-console (2.3.0)
      activemodel (>= 4.0)
      binding_of_caller (>= 0.7.2)
      railties (>= 4.0)
      sprockets-rails (>= 2.0, < 4.0)
    websocket-driver (0.7.0)
      websocket-extensions (>= 0.1.0)
    websocket-extensions (0.1.3)
    wicked_pdf (1.0.6)
    wkhtmltopdf-binary-edge (0.12.3.0)
    xpath (2.1.0)
      nokogiri (~> 1.3)
    yard (0.9.12)
    yard-mongoid (0.1.0)
      yard (>= 0.8.4)

PLATFORMS
  ruby

DEPENDENCIES
  aasm (~> 4.8.0)
  acapi!
  action_mailer_cache_delivery (~> 0.3.7)
  addressable (= 2.3.8)
  animate-rails (~> 1.0.7)
  aws-sdk (= 2.2.4)
  bootstrap-multiselect-rails (~> 0.9.9)
  bootstrap-slider-rails (= 6.0.17)
  bson (= 3.2.6)
  capistrano (= 3.3.5)
  capistrano-rails (= 1.1.6)
  capybara (= 2.6.2)
  capybara-screenshot
  carrierwave-mongoid
  coffee-rails (~> 4.1.0)
  combine_pdf
  config (~> 1.0.0)
  cucumber (= 2.3.3)
  cucumber-rails (= 1.4.3)
  database_cleaner (= 1.5.3)
  devise (~> 3.4.1)
  effective_datatables!
  email_spec (= 2.0.0)
  eye (= 0.8.0)
  factory_girl_rails (= 4.6.0)
  faker!
  fakeredis
  font-awesome-rails (= 4.5.0.1)
  forgery
  haml
  httparty
  interactor (= 3.1.0)
  interactor-rails (= 2.0.2)
  jbuilder (~> 2.0)
  jquery-datatables-rails (= 3.4.0)
  jquery-rails (= 4.0.5)
  jquery-turbolinks
  jquery-ui-rails
  kaminari (= 0.17.0)
  language_list (~> 1.1.0)
  less-rails-bootstrap (~> 3.3.1.0)
  mail (= 2.6.3)
  maskedinput-rails
  money-rails (~> 1.3.0)
  mongo (= 2.1.2)
  mongo_session_store-rails4 (~> 6.0.0)
  mongoid (= 5.0.1)
  mongoid-autoinc
  mongoid-enum
  mongoid-history
  mongoid-rspec (= 3.0.0)
  mongoid-versioning
  mongoid_userstamp
  newrelic_rpm
  nokogiri (= 1.6.7.2)
  nokogiri-happymapper
  openhbx_cv2!
  overcommit
  parallel_tests (= 2.21.3)
  poltergeist
  prawn!
  pry
  pundit (~> 1.0.1)
  railroady (~> 1.5.2)
  rails (= 4.2.7.1)
  rails-i18n (= 4.0.8)
  recaptcha (= 1.1.0)
  redis-rails
  resque
  roo (~> 2.1.0)
  rspec-rails (~> 3.4.2)
  rspec_junit_formatter (= 0.2.3)
  rubocop (= 0.54.0)
  rubocop-git
  ruby-progressbar (~> 1.7)
  ruby-saml (~> 1.3.0)
  sass-rails (~> 5.0)
  sdoc (~> 0.4.0)
  shoulda-matchers (= 3.1.1)
  simplecov (= 0.14.1)
  slim-rails
  spring (= 1.6.3)
  sprockets (~> 2.12.3)
  symmetric-encryption (~> 3.6.0)
  therubyracer
  turbolinks (= 2.5.3)
  uglifier (>= 1.3.0)
  ui_helpers!
  unicorn (~> 4.8.3)
  virtus
  warden
  watir
  web-console (= 2.3.0)
  wicked_pdf (= 1.0.6)
  wkhtmltopdf-binary-edge (~> 0.12.3.0)
  yard (~> 0.9.5)
  yard-mongoid (~> 0.1.0)

BUNDLED WITH
   1.17.3
